GEM
  remote: https://rubygems.org/
  specs:
    andand (1.3.3)
    builder (3.1.4)
    faraday (0.8.5)
      multipart-post (~> 1.1)
    faraday_middleware (0.9.0)
      faraday (>= 0.7.4, < 0.9)
    libxml-ruby (2.6.0)
    multipart-post (1.1.5)
    oai (0.3.0)
      builder (>= 2.0.0)
      faraday
      faraday_middleware
    sequel (3.44.0)
    sqlite3 (1.3.7)
    thor (0.17.0)

PLATFORMS
  ruby

DEPENDENCIES
  andand
  libxml-ruby
  oai
  sequel
  sqlite3
  thor
