GEM
  remote: https://rubygems.org/
  specs:
    ZenTest (4.9.0)
    andand (1.3.3)
    autotest-fsevent (0.2.8)
      sys-uname
    autotest-growl (0.2.16)
    builder (3.1.4)
    diff-lcs (1.2.1)
    faraday (0.8.5)
      multipart-post (~> 1.1)
    faraday_middleware (0.9.0)
      faraday (>= 0.7.4, < 0.9)
    ffi (1.4.0)
    libxml-ruby (2.6.0)
    multipart-post (1.1.5)
    oai (0.3.0)
      builder (>= 2.0.0)
      faraday
      faraday_middleware
    rspec (2.13.0)
      rspec-core (~> 2.13.0)
      rspec-expectations (~> 2.13.0)
      rspec-mocks (~> 2.13.0)
    rspec-core (2.13.0)
    rspec-expectations (2.13.0)
      diff-lcs (>= 1.1.3, < 2.0)
    rspec-mocks (2.13.0)
    sequel (3.44.0)
    sqlite3 (1.3.7)
    sys-uname (0.9.1)
      ffi (>= 1.0.0)
    thor (0.17.0)

PLATFORMS
  ruby

DEPENDENCIES
  ZenTest
  andand
  autotest-fsevent
  autotest-growl
  libxml-ruby
  oai
  rspec
  sequel
  sqlite3
  thor
